GEM
  remote: http://rubygems.org/
  specs:
    activemodel (3.0.3)
      activesupport (= 3.0.3)
      builder (~> 2.1.2)
      i18n (~> 0.4)
    activerecord (3.0.3)
      activemodel (= 3.0.3)
      activesupport (= 3.0.3)
      arel (~> 2.0.2)
      tzinfo (~> 0.3.23)
    activesupport (3.0.3)
    arel (2.0.4)
    builder (2.1.2)
    diff-lcs (1.1.2)
    git (1.2.5)
    i18n (0.4.2)
    jeweler (1.5.1)
      bundler (~> 1.0.0)
      git (>= 1.2.5)
      rake
    rake (0.8.7)
    rcov (0.9.9)
    riddle (1.2.1)
    rspec (2.1.0)
      rspec-core (~> 2.1.0)
      rspec-expectations (~> 2.1.0)
      rspec-mocks (~> 2.1.0)
    rspec-core (2.1.0)
    rspec-expectations (2.1.0)
      diff-lcs (~> 1.1.2)
    rspec-mocks (2.1.0)
    thinking-sphinx (2.0.1)
      activerecord (>= 3.0.3)
      riddle (>= 1.2.1)
    ts-datetime-delta (1.0.2)
      thinking-sphinx (>= 1.3.8)
    tzinfo (0.3.23)
    yard (0.6.3)

PLATFORMS
  ruby

DEPENDENCIES
  activesupport (>= 2.3.5)
  bundler (~> 1.0.0)
  jeweler (~> 1.5.1)
  rcov
  rspec (~> 2.1.0)
  ts-datetime-delta (~> 1.0.2)
  yard (~> 0.6.0)
